PATH
  remote: .
  specs:
    rspec-difftastic (0.0.1)
      difftastic (~> 0.6.0)

GEM
  remote: https://rubygems.org/
  specs:
    diff-lcs (1.6.0)
    difftastic (0.6.0)
      pretty_please
    difftastic (0.6.0-arm64-darwin)
      pretty_please
    difftastic (0.6.0-arm64-linux)
      pretty_please
    difftastic (0.6.0-x86_64-darwin)
      pretty_please
    difftastic (0.6.0-x86_64-linux)
      pretty_please
    dispersion (0.2.0)
      prism
    pretty_please (0.2.0)
      dispersion (~> 0.2)
    prism (1.3.0)
    rspec (3.13.0)
      rspec-core (~> 3.13.0)
      rspec-expectations (~> 3.13.0)
      rspec-mocks (~> 3.13.0)
    rspec-core (3.13.3)
      rspec-support (~> 3.13.0)
    rspec-expectations (3.13.3)
      diff-lcs (>= 1.2.0, < 2.0)
      rspec-support (~> 3.13.0)
    rspec-mocks (3.13.2)
      diff-lcs (>= 1.2.0, < 2.0)
      rspec-support (~> 3.13.0)
    rspec-support (3.13.2)

PLATFORMS
  arm64-darwin
  arm64-linux
  ruby
  x86_64-darwin
  x86_64-linux

DEPENDENCIES
  rspec (~> 3.0)
  rspec-difftastic!

BUNDLED WITH
   2.5.20
